GEM
  remote: https://rubygems.org/
  specs:
    dotenv (0.11.1)
      dotenv-deployment (~> 0.0.2)
    dotenv-deployment (0.0.2)
    foreman (0.74.0)
      dotenv (~> 0.11.1)
      thor (~> 0.19.1)
    rack (1.4.0)
    rack-protection (1.2.0)
      rack
    rack-rewrite (1.0.2)
    sinatra (1.3.2)
      rack (~> 1.3, >= 1.3.6)
      rack-protection (~> 1.2)
      tilt (~> 1.3, >= 1.3.3)
    thor (0.19.1)
    tilt (1.3.3)

PLATFORMS
  ruby

DEPENDENCIES
  foreman
  rack-rewrite
  sinatra
