GEM
  remote: https://rubygems.org/
  specs:
    foreman (0.87.2)
    mustermann (1.1.1)
      ruby2_keywords (~> 0.0.1)
    rack (2.2.3)
    rack-protection (2.1.0)
      rack
    rack-rewrite (1.5.1)
    ruby2_keywords (0.0.4)
    sinatra (2.1.0)
      mustermann (~> 1.0)
      rack (~> 2.2)
      rack-protection (= 2.1.0)
      tilt (~> 2.0)
    tilt (2.0.10)

PLATFORMS
  ruby

DEPENDENCIES
  foreman
  rack-rewrite
  sinatra

RUBY VERSION
   ruby 2.7.5p203

BUNDLED WITH
   2.2.33
